GIT
  remote: git@github.com:fork/sinatra-webdav.git
  revision: dd29174a7a70fce76d06d86978a5b4b76cd2191b
  tag: v0.1.7
  specs:
    sinatra-webdav (0.1.7)
      addressable
      nokogiri
      sinatra

GEM
  remote: http://rubygems.org/
  specs:
    activesupport (3.2.2)
      i18n (~> 0.6)
      multi_json (~> 1.0)
    addressable (2.2.7)
    builder (3.0.0)
    hashie (1.2.0)
    hoptoad_notifier (2.4.11)
      activesupport
      builder
    i18n (0.6.0)
    multi_json (1.1.0)
    nokogiri (1.5.2)
    omniauth (1.0.3)
      hashie (~> 1.2)
      rack
    rack (1.4.1)
    rack-protection (1.2.0)
      rack
    sinatra (1.3.2)
      rack (~> 1.3, >= 1.3.6)
      rack-protection (~> 1.2)
      tilt (~> 1.3, >= 1.3.3)
    slim (1.1.1)
      temple (~> 0.4.0)
      tilt (~> 1.3.2)
    temple (0.4.0)
    tilt (1.3.3)

PLATFORMS
  ruby

DEPENDENCIES
  hoptoad_notifier
  omniauth
  sinatra-webdav!
  slim
